GEM
  remote: http://rubygems.org/
  specs:
    excon (0.45.4)
    json (1.8.3)
    mandrill-api (1.0.53)
      excon (>= 0.16.0, < 1.0)
      json (>= 1.7.7, < 2.0)

PLATFORMS
  ruby

DEPENDENCIES
  mandrill-api

BUNDLED WITH
   1.10.6
